GIT
  remote: https://github.com/hanami/assets.git
  revision: 9f3fd71061766d4c3465187d20bff9dac54f1e78
  branch: main
  specs:
    hanami-assets (2.1.0.alpha1)

GIT
  remote: https://github.com/hanami/cli.git
  revision: c67bdfff29aff990a7189ed266ffd22c4cf4a7f1
  branch: main
  specs:
    hanami-cli (2.1.0.beta1)
      bundler (~> 2.1)
      dry-cli (~> 1.0, < 2)
      dry-files (~> 1.0, >= 1.0.1, < 2)
      dry-inflector (~> 1.0, < 2)
      rake (~> 13.0)
      zeitwerk (~> 2.6)

GIT
  remote: https://github.com/hanami/hanami.git
  revision: 75286633037767a7732e1f2f4587a8ca6dad09fd
  branch: feature/serve-static-assets
  specs:
    hanami (2.1.0.beta1)
      bundler (>= 1.16, < 3)
      dry-configurable (~> 1.0, < 2)
      dry-core (~> 1.0, < 2)
      dry-inflector (~> 1.0, < 2)
      dry-logger (~> 1.0, < 2)
      dry-monitor (~> 1.0, >= 1.0.1, < 2)
      dry-system (~> 1.0, < 2)
      hanami-cli (~> 2.1.beta)
      hanami-utils (~> 2.1.beta)
      zeitwerk (~> 2.6)

GIT
  remote: https://github.com/hanami/reloader.git
  revision: 13886c4c209bc8b693bbe732462036797dffa316
  branch: main
  specs:
    hanami-reloader (2.1.0.beta1)
      hanami-cli (~> 2.0)
      zeitwerk (~> 2.6)

GIT
  remote: https://github.com/hanami/view.git
  revision: 55321527d45694463c3b85b7e11892a8f442d147
  branch: main
  specs:
    hanami-view (2.1.0.beta1)
      concurrent-ruby (~> 1.0)
      dry-configurable (~> 1.0)
      dry-core (~> 1.0)
      dry-inflector (~> 1.0, < 2)
      temple (~> 0.10.0, >= 0.10.2)
      tilt (~> 2.0, >= 2.0.6)
      zeitwerk (~> 2.6)

GEM
  remote: https://rubygems.org/
  specs:
    better_errors (2.9.1)
      coderay (>= 1.0.0)
      erubi (>= 1.0.0)
      rack (>= 0.9.0)
    binding_of_caller (1.0.0)
      debug_inspector (>= 0.0.1)
    byebug (11.1.3)
    coderay (1.1.3)
    concurrent-ruby (1.2.2)
    debug_inspector (1.1.0)
    diff-lcs (1.5.0)
    dotenv (2.8.1)
    dry-auto_inject (1.0.1)
      dry-core (~> 1.0)
      zeitwerk (~> 2.6)
    dry-cli (1.0.0)
    dry-configurable (1.1.0)
      dry-core (~> 1.0, < 2)
      zeitwerk (~> 2.6)
    dry-core (1.0.1)
      concurrent-ruby (~> 1.0)
      zeitwerk (~> 2.6)
    dry-events (1.0.1)
      concurrent-ruby (~> 1.0)
      dry-core (~> 1.0, < 2)
    dry-files (1.0.1)
    dry-inflector (1.0.0)
    dry-initializer (3.1.1)
    dry-logger (1.0.3)
    dry-logic (1.5.0)
      concurrent-ruby (~> 1.0)
      dry-core (~> 1.0, < 2)
      zeitwerk (~> 2.6)
    dry-monitor (1.0.1)
      dry-configurable (~> 1.0, < 2)
      dry-core (~> 1.0, < 2)
      dry-events (~> 1.0, < 2)
    dry-schema (1.13.3)
      concurrent-ruby (~> 1.0)
      dry-configurable (~> 1.0, >= 1.0.1)
      dry-core (~> 1.0, < 2)
      dry-initializer (~> 3.0)
      dry-logic (>= 1.4, < 2)
      dry-types (>= 1.7, < 2)
      zeitwerk (~> 2.6)
    dry-system (1.0.1)
      dry-auto_inject (~> 1.0, < 2)
      dry-configurable (~> 1.0, < 2)
      dry-core (~> 1.0, < 2)
      dry-inflector (~> 1.0, < 2)
    dry-transformer (1.0.1)
      zeitwerk (~> 2.6)
    dry-types (1.7.1)
      concurrent-ruby (~> 1.0)
      dry-core (~> 1.0)
      dry-inflector (~> 1.0)
      dry-logic (~> 1.4)
      zeitwerk (~> 2.6)
    dry-validation (1.10.0)
      concurrent-ruby (~> 1.0)
      dry-core (~> 1.0, < 2)
      dry-initializer (~> 3.0)
      dry-schema (>= 1.12, < 2)
      zeitwerk (~> 2.6)
    erubi (1.12.0)
    ffi (1.15.5)
    formatador (1.1.0)
    guard (2.18.1)
      formatador (>= 0.2.4)
      listen (>= 2.7, < 4.0)
      lumberjack (>= 1.0.12, < 2.0)
      nenv (~> 0.1)
      notiffany (~> 0.0)
      pry (>= 0.13.0)
      shellany (~> 0.0)
      thor (>= 0.18.1)
    guard-compat (1.2.1)
    guard-puma (0.8.1)
      guard (~> 2.14)
      guard-compat (~> 1.2)
      puma (>= 4.0, < 7)
    hanami-controller (2.1.0.beta1)
      dry-configurable (~> 1.0, < 2)
      dry-core (~> 1.0)
      hanami-utils (~> 2.0)
      rack (~> 2.0)
      zeitwerk (~> 2.6)
    hanami-router (2.1.0.beta1)
      mustermann (~> 3.0)
      mustermann-contrib (~> 3.0)
      rack (~> 2.0)
    hanami-rspec (2.0.1)
      hanami-cli (~> 2.0)
      rake (~> 13.0)
      rspec (~> 3.12)
      zeitwerk (~> 2.6)
    hanami-utils (2.1.0.beta1)
      concurrent-ruby (~> 1.0)
      dry-core (~> 1.0, < 2)
      dry-transformer (~> 1.0, < 2)
    hanami-validations (2.1.0.beta1)
      dry-validation (>= 1.10, < 2)
      zeitwerk (~> 2.6.0)
    hanami-webconsole (2.1.0.beta1)
      better_errors (~> 2.9, < 2.10.0)
      binding_of_caller (~> 1.0)
    hansi (0.2.1)
    listen (3.8.0)
      rb-fsevent (~> 0.10, >= 0.10.3)
      rb-inotify (~> 0.9, >= 0.9.10)
    lumberjack (1.2.9)
    method_source (1.0.0)
    mustermann (3.0.0)
      ruby2_keywords (~> 0.0.1)
    mustermann-contrib (3.0.0)
      hansi (~> 0.2.0)
      mustermann (= 3.0.0)
    nenv (0.3.0)
    nio4r (2.5.9)
    notiffany (0.1.3)
      nenv (~> 0.1)
      shellany (~> 0.0)
    pry (0.14.2)
      coderay (~> 1.1)
      method_source (~> 1.0)
    puma (6.3.1)
      nio4r (~> 2.0)
    rack (2.2.8)
    rack-test (2.1.0)
      rack (>= 1.3)
    rake (13.0.6)
    rb-fsevent (0.11.2)
    rb-inotify (0.10.1)
      ffi (~> 1.0)
    rspec (3.12.0)
      rspec-core (~> 3.12.0)
      rspec-expectations (~> 3.12.0)
      rspec-mocks (~> 3.12.0)
    rspec-core (3.12.2)
      rspec-support (~> 3.12.0)
    rspec-expectations (3.12.3)
      diff-lcs (>= 1.2.0, < 2.0)
      rspec-support (~> 3.12.0)
    rspec-mocks (3.12.6)
      diff-lcs (>= 1.2.0, < 2.0)
      rspec-support (~> 3.12.0)
    rspec-support (3.12.1)
    ruby2_keywords (0.0.5)
    shellany (0.0.1)
    temple (0.10.2)
    thor (1.2.2)
    tilt (2.3.0)
    zeitwerk (2.6.11)

PLATFORMS
  x86_64-darwin-21

DEPENDENCIES
  byebug
  dotenv
  dry-types (~> 1.0, >= 1.6.1)
  guard-puma (~> 0.8)
  hanami!
  hanami-assets!
  hanami-cli!
  hanami-controller (~> 2.1.0.beta)
  hanami-reloader!
  hanami-router (~> 2.1.0.beta)
  hanami-rspec
  hanami-validations (~> 2.1.0.beta)
  hanami-view!
  hanami-webconsole (~> 2.1.0.beta)
  puma
  rack-test
  rake

BUNDLED WITH
   2.4.19
